GIT
  remote: https://github.com/rodjek/puppet-lint
  revision: eec92c19ccfbf558890124d4436bfe7d0e8879e5
  specs:
    puppet-lint (1.1.0)

GEM
  remote: https://rubygems.org/
  specs:
    CFPropertyList (2.2.8)
    ansi (1.5.0)
    ast (2.2.0)
    astrolabe (1.3.1)
      parser (~> 2.2)
    colored (1.2)
    control_spec_helper (0.0.3)
      mocha (~> 1.1)
      puppet (~> 4.0)
      puppet-lint (~> 1.1)
      puppet-syntax (~> 2.1)
      rake (~> 11.0)
      rspec-puppet (~> 2.4)
    cri (2.6.1)
      colored (~> 1.2)
    diff-lcs (1.2.5)
    docile (1.1.5)
    facter (2.4.6)
      CFPropertyList (~> 2.2.6)
    facterdb (0.3.5)
      facter
      jgrep
    faraday (0.9.2)
      multipart-post (>= 1.2, < 3)
    faraday_middleware (0.10.0)
      faraday (>= 0.7.4, < 0.10)
    hiera (3.2.0)
      json_pure
    hirb (0.7.3)
    jgrep (1.4.1)
      json
    json (1.8.3)
    json_pure (1.8.3)
    log4r (1.1.10)
    mcollective-client (2.8.4)
      json
      stomp
      systemu
    metaclass (0.0.4)
    metadata-json-lint (0.0.11)
      json
      spdx-licenses (~> 1.0)
    minitar (0.5.4)
    mocha (1.1.0)
      metaclass (~> 0.0.1)
    multi_json (1.12.1)
    multipart-post (2.0.0)
    net-ssh (3.1.1)
    parser (2.3.1.2)
      ast (~> 2.2)
    powerpack (0.1.1)
    puppet (4.4.2)
      CFPropertyList (~> 2.2.6)
      facter (> 2.0, < 4)
      hiera (>= 2.0, < 4)
      json_pure
    puppet-lint-absolute_classname-check (0.1.3)
      puppet-lint (~> 1.0)
    puppet-lint-classes_and_types_beginning_with_digits-check (0.1.0)
      puppet-lint (~> 1.0)
    puppet-lint-leading_zero-check (0.1.0)
      puppet-lint (~> 1.0)
    puppet-lint-trailing_comma-check (0.3.1)
      puppet-lint (~> 1.0)
    puppet-lint-unquoted_string-check (0.2.5)
      puppet-lint (~> 1.0)
    puppet-lint-version_comparison-check (0.1.2)
      puppet-lint (~> 1.0)
    puppet-syntax (2.1.0)
      rake
    puppet_forge (2.2.1)
      faraday (~> 0.9.0)
      faraday_middleware (>= 0.9.0, < 0.11.0)
      minitar
      semantic_puppet (~> 0.1.0)
    puppetlabs_spec_helper (1.1.1)
      mocha
      puppet-lint
      puppet-syntax
      rake
      rspec-puppet
    r10k (2.3.0)
      colored (= 1.2)
      cri (~> 2.6.1)
      log4r (= 1.1.10)
      minitar
      multi_json (~> 1.10)
      puppet_forge (~> 2.2)
      semantic_puppet (~> 0.1.0)
    rainbow (2.1.0)
    rake (11.1.2)
    rspec (3.1.0)
      rspec-core (~> 3.1.0)
      rspec-expectations (~> 3.1.0)
      rspec-mocks (~> 3.1.0)
    rspec-core (3.1.7)
      rspec-support (~> 3.1.0)
    rspec-expectations (3.1.2)
      diff-lcs (>= 1.2.0, < 2.0)
      rspec-support (~> 3.1.0)
    rspec-mocks (3.1.3)
      rspec-support (~> 3.1.0)
    rspec-puppet (2.4.0)
      rspec
    rspec-puppet-facts (1.6.1)
      facter
      facterdb (>= 0.3.0)
      json
      mcollective-client
      puppet
    rspec-support (3.1.2)
    rubocop (0.33.0)
      astrolabe (~> 1.3)
      parser (>= 2.2.2.5, < 3.0)
      powerpack (~> 0.1)
      rainbow (>= 1.99.1, < 3.0)
      ruby-progressbar (~> 1.4)
    ruby-progressbar (1.8.1)
    semantic_puppet (0.1.3)
    simplecov (0.11.2)
      docile (~> 1.1.0)
      json (~> 1.8)
      simplecov-html (~> 0.10.0)
    simplecov-console (0.3.0)
      ansi
      hirb
      simplecov
    simplecov-html (0.10.0)
    spdx-licenses (1.1.0)
    stomp (1.3.5)
    syck (1.1.0)
    systemu (2.6.5)

PLATFORMS
  ruby

DEPENDENCIES
  control_spec_helper (>= 0.0.2)
  metadata-json-lint
  net-ssh
  puppet (~> 4.4.0)
  puppet-lint!
  puppet-lint-absolute_classname-check
  puppet-lint-classes_and_types_beginning_with_digits-check
  puppet-lint-leading_zero-check
  puppet-lint-trailing_comma-check
  puppet-lint-unquoted_string-check
  puppet-lint-version_comparison-check
  puppetlabs_spec_helper
  r10k
  rake
  rspec (< 3.2.0)
  rspec-puppet
  rspec-puppet-facts
  rubocop (= 0.33.0)
  simplecov
  simplecov-console
  syck

BUNDLED WITH
   1.12.5
